PATH
  remote: .
  specs:
    rublog (0.1.0)

GEM
  remote: https://rubygems.org/
  specs:
    diff-lcs (1.5.0)
    mustermann (1.1.1)
      ruby2_keywords (~> 0.0.1)
    rack (2.2.3)
    rack-protection (2.2.0)
      rack
    rake (13.0.6)
    rspec (3.11.0)
      rspec-core (~> 3.11.0)
      rspec-expectations (~> 3.11.0)
      rspec-mocks (~> 3.11.0)
    rspec-core (3.11.0)
      rspec-support (~> 3.11.0)
    rspec-expectations (3.11.0)
      diff-lcs (>= 1.2.0, < 2.0)
      rspec-support (~> 3.11.0)
    rspec-mocks (3.11.0)
      diff-lcs (>= 1.2.0, < 2.0)
      rspec-support (~> 3.11.0)
    rspec-support (3.11.0)
    ruby2_keywords (0.0.5)
    sinatra (2.2.0)
      mustermann (~> 1.0)
      rack (~> 2.2)
      rack-protection (= 2.2.0)
      tilt (~> 2.0)
    sorbet (0.5.9778)
      sorbet-static (= 0.5.9778)
    sorbet-runtime (0.5.9778)
    sorbet-static (0.5.9778-universal-darwin-20)
    tilt (2.0.10)

PLATFORMS
  ruby
  x86_64-darwin-20

DEPENDENCIES
  rake (~> 13.0)
  rspec (~> 3.0)
  rublog!
  sinatra (~> 2.2)
  sorbet
  sorbet-runtime

BUNDLED WITH
   2.2.11
